GEM
  remote: https://rubygems.org/
  specs:
    dotenv (2.5.0)
    faraday (0.15.2)
      multipart-post (>= 1.2, < 3)
    multipart-post (2.0.0)

PLATFORMS
  ruby

DEPENDENCIES
  dotenv
  faraday

BUNDLED WITH
   1.16.1
